PATH
  remote: .
  specs:
    rspactor (0.7.0.beta.7)
      bundler (~> 1.0.0)
      growl (~> 1.0.3)
      libnotify (~> 0.1.3)
      rb-inotify (~> 0.8.1)
      sys-uname (~> 0.8.4)
      trollop (~> 1.16.2)

GEM
  remote: http://rubygems.org/
  specs:
    diff-lcs (1.1.2)
    ffi (0.6.3)
      rake (>= 0.8.7)
    growl (1.0.3)
    libnotify (0.1.4)
      ffi (>= 0.6.2)
    rake (0.8.7)
    rb-inotify (0.8.1)
      ffi (>= 0.5.0)
    rspec (2.0.0.beta.19)
      rspec-core (= 2.0.0.beta.19)
      rspec-expectations (= 2.0.0.beta.19)
      rspec-mocks (= 2.0.0.beta.19)
    rspec-core (2.0.0.beta.19)
    rspec-expectations (2.0.0.beta.19)
      diff-lcs (>= 1.1.2)
    rspec-mocks (2.0.0.beta.19)
    sys-uname (0.8.4)
    trollop (1.16.2)

PLATFORMS
  ruby

DEPENDENCIES
  bundler (~> 1.0.0)
  growl (~> 1.0.3)
  libnotify (~> 0.1.3)
  rb-inotify (~> 0.8.1)
  rspactor!
  rspec (~> 2.0.0.beta.20)
  sys-uname (~> 0.8.4)
  trollop (~> 1.16.2)
